GEM
  remote: https://rubygems.org/
  specs:
    gemoji (3.0.0.rc1)

PLATFORMS
  ruby

DEPENDENCIES
  gemoji (~> 3.0.0.rc1)

BUNDLED WITH
   1.13.2
